PATH
  remote: .
  specs:
    wash_out (0.2.4)
      nori

GEM
  remote: http://rubygems.org/
  specs:
    actionpack (3.1.2)
      activemodel (= 3.1.2)
      activesupport (= 3.1.2)
      builder (~> 3.0.0)
      erubis (~> 2.7.0)
      i18n (~> 0.6)
      rack (~> 1.3.5)
      rack-cache (~> 1.1)
      rack-mount (~> 0.8.2)
      rack-test (~> 0.6.1)
      sprockets (~> 2.1.0)
    activemodel (3.1.2)
      activesupport (= 3.1.2)
      builder (~> 3.0.0)
      i18n (~> 0.6)
    activesupport (3.1.2)
      multi_json (~> 1.0)
    akami (1.0.0)
      gyoku (>= 0.4.0)
    appraisal (0.4.0)
      bundler
      rake
    builder (3.0.0)
    diff-lcs (1.1.3)
    erubis (2.7.0)
    gyoku (0.4.4)
      builder (>= 2.1.2)
    hike (1.2.1)
    httpi (0.9.5)
      rack
    i18n (0.6.0)
    json (1.6.1)
    json (1.6.1-java)
    multi_json (1.0.3)
    nokogiri (1.5.0)
    nokogiri (1.5.0-java)
    nori (1.0.2)
    rack (1.3.5)
    rack-cache (1.1)
      rack (>= 0.4)
    rack-mount (0.8.3)
      rack (>= 1.0.0)
    rack-ssl (1.3.2)
      rack
    rack-test (0.6.1)
      rack (>= 1.0)
    railties (3.1.2)
      actionpack (= 3.1.2)
      activesupport (= 3.1.2)
      rack-ssl (~> 1.3.2)
      rake (>= 0.8.7)
      rdoc (~> 3.4)
      thor (~> 0.14.6)
    rake (0.9.2.2)
    rdoc (3.11)
      json (~> 1.4)
    rspec (2.7.0)
      rspec-core (~> 2.7.0)
      rspec-expectations (~> 2.7.0)
      rspec-mocks (~> 2.7.0)
    rspec-core (2.7.1)
    rspec-expectations (2.7.0)
      diff-lcs (~> 1.1.2)
    rspec-mocks (2.7.0)
    rspec-rails (2.7.0)
      actionpack (~> 3.0)
      activesupport (~> 3.0)
      railties (~> 3.0)
      rspec (~> 2.7.0)
    savon (0.9.7)
      akami (~> 1.0)
      builder (>= 2.1.2)
      gyoku (>= 0.4.0)
      httpi (~> 0.9)
      nokogiri (>= 1.4.0)
      nori (~> 1.0)
      wasabi (~> 2.0)
    sprockets (2.1.1)
      hike (~> 1.2)
      rack (~> 1.0)
      tilt (~> 1.1, != 1.3.0)
    thor (0.14.6)
    tilt (1.3.3)
    tzinfo (0.3.31)
    wasabi (2.0.0)
      nokogiri (>= 1.4.0)

PLATFORMS
  java
  ruby

DEPENDENCIES
  appraisal
  rspec-rails
  savon
  tzinfo
  wash_out!
